GEM
  remote: https://rubygems.org/
  specs:
    clipboard (1.0.5)
    curses (1.0.1)
    dispel (0.0.7)
      curses
    language_sniffer (1.0.2)
    plist (3.1.0)
    ruco (0.2.23)
      clipboard (>= 0.9.8)
      dispel (>= 0.0.7)
      language_sniffer
      textpow (>= 1.3.0)
    textpow (1.3.1)
      plist (>= 3.0.1)

PLATFORMS
  ruby

DEPENDENCIES
  ruco
