GEM
  remote: https://rubygems.org/
  specs:
    clipboard (1.0.5)
    language_sniffer (1.0.2)
    plist (3.1.0)
    pru (0.1.6)
    ruco (0.2.18)
      clipboard (>= 0.9.8)
      language_sniffer
      textpow (>= 1.3.0)
    textpow (1.3.1)
      plist (>= 3.0.1)

PLATFORMS
  ruby

DEPENDENCIES
  pru
  ruco
